PATH
  remote: .
  specs:
    kafka_replicator (0.1.0)
      multi_json (~> 1.0)
      ruby-kafka (~> 0.6.0)

GEM
  remote: https://rubygems.org/
  specs:
    multi_json (1.14.1)
    rake (13.0.1)
    ruby-kafka (0.6.8)

PLATFORMS
  ruby

DEPENDENCIES
  bundler (~> 1.17)
  kafka_replicator!
  rake (~> 13.0)

BUNDLED WITH
   1.17.3
